GEM
  remote: http://rubygems.org/
  specs:
    kgio (2.7.4)
    mustache (0.99.4)
    r18n-core (0.4.10)
    rack (1.2.2)
    raindrops (0.10.0)
    shotgun (0.9)
      rack (>= 1.0)
    sinatra (1.2.6)
      rack (~> 1.1)
      tilt (>= 1.2.2, < 2.0)
    sinatra-r18n (0.4.10)
      r18n-core (= 0.4.10)
      sinatra (>= 0.9)
    tilt (1.3)
    unicorn (4.5.0)
      kgio (~> 2.6)
      rack
      raindrops (~> 0.7)

PLATFORMS
  ruby

DEPENDENCIES
  mustache
  shotgun
  sinatra
  sinatra-r18n
  unicorn
